STORAGE: NONE
RESTRICTION: || (== net5.0) (== netstandard2.0) (== netstandard2.1)
NUGET
  remote: https://api.nuget.org/v3/index.json
    FSharp.Core (7.0.200)
    FSharp.Data (5.0.2)
      FSharp.Core (>= 5.0.1)
    Newtonsoft.Json (13.0.3)
    SQLProvider (1.3.7)
      FSharp.Core (>= 6.0.7)
      Newtonsoft.Json (>= 13.0.1)
